GIT
  remote: git://github.com/adamcooper/vestal_versions
  revision: 6273df533f85014062e346cb1807b0531a809ee2
  specs:
    vestal_versions (1.2.2)
      activerecord (>= 3.0.0)
      activesupport (>= 3.0.0)

GEM
  remote: http://rubygems.org/
  specs:
    RedCloth (4.2.3)
    abstract (1.0.0)
    actionmailer (3.0.3)
      actionpack (= 3.0.3)
      mail (~> 2.2.9)
    actionpack (3.0.3)
      activemodel (= 3.0.3)
      activesupport (= 3.0.3)
      builder (~> 2.1.2)
      erubis (~> 2.6.6)
      i18n (~> 0.4)
      rack (~> 1.2.1)
      rack-mount (~> 0.6.13)
      rack-test (~> 0.5.6)
      tzinfo (~> 0.3.23)
    activemodel (3.0.3)
      activesupport (= 3.0.3)
      builder (~> 2.1.2)
      i18n (~> 0.4)
    activerecord (3.0.3)
      activemodel (= 3.0.3)
      activesupport (= 3.0.3)
      arel (~> 2.0.2)
      tzinfo (~> 0.3.23)
    activeresource (3.0.3)
      activemodel (= 3.0.3)
      activesupport (= 3.0.3)
    activesupport (3.0.3)
    acts-as-taggable-on (2.0.6)
    arel (2.0.6)
    barista (1.0.0)
      coffee-script (~> 2.1.1)
    bcrypt-ruby (2.1.2)
    builder (2.1.2)
    capybara (0.4.0)
      celerity (>= 0.7.9)
      culerity (>= 0.2.4)
      mime-types (>= 1.16)
      nokogiri (>= 1.3.3)
      rack (>= 1.0.0)
      rack-test (>= 0.5.4)
      selenium-webdriver (>= 0.0.27)
      xpath (~> 0.1.2)
    celerity (0.8.4)
    childprocess (0.1.4)
      ffi (~> 0.6.3)
    coffee-script (2.1.1)
      coffee-script-source
    coffee-script-source (1.0.0)
    compass (0.10.6)
      haml (>= 3.0.4)
    culerity (0.2.12)
    daemons (1.0.10)
    devise (1.1.5)
      bcrypt-ruby (~> 2.1.2)
      warden (~> 1.0.2)
    diff-lcs (1.1.2)
    differ (0.1.1)
    display_name (0.1.1)
    dragonfly (0.8.2)
      rack
    erubis (2.6.6)
      abstract (>= 1.0.0)
    factory_girl (1.3.2)
    factory_girl_rails (1.0)
      factory_girl (~> 1.3)
      rails (>= 3.0.0.beta4)
    faker (0.3.1)
    ffi (0.6.3)
      rake (>= 0.8.7)
    gem_plugin (0.2.3)
    haml (3.0.24)
    i18n (0.5.0)
    inploy (1.7.2)
    json_pure (1.4.6)
    mail (2.2.11)
      activesupport (>= 2.3.6)
      i18n (~> 0.5.0)
      mime-types (~> 1.16)
      treetop (~> 1.4.8)
    meta_search (0.9.10)
      actionpack (~> 3.0.2)
      activerecord (~> 3.0.2)
      activesupport (~> 3.0.2)
      arel (~> 2.0.2)
    meta_where (0.9.9.2)
      activerecord (~> 3.0.2)
      activesupport (~> 3.0.2)
      arel (~> 2.0.2)
    mime-types (1.16)
    mocha (0.9.10)
      rake
    mongrel (1.2.0.pre2)
      daemons (~> 1.0.10)
      gem_plugin (~> 0.2.3)
    mysql2 (0.2.6)
    nokogiri (1.4.4)
    polyglot (0.3.1)
    rack (1.2.1)
    rack-cache (1.0)
      rack (>= 0.4)
    rack-mount (0.6.13)
      rack (>= 1.0.0)
    rack-test (0.5.6)
      rack (>= 1.0)
    rails (3.0.3)
      actionmailer (= 3.0.3)
      actionpack (= 3.0.3)
      activerecord (= 3.0.3)
      activeresource (= 3.0.3)
      activesupport (= 3.0.3)
      bundler (~> 1.0)
      railties (= 3.0.3)
    rails3-generators (0.14.0)
    railties (3.0.3)
      actionpack (= 3.0.3)
      activesupport (= 3.0.3)
      rake (>= 0.8.7)
      thor (~> 0.14.4)
    rake (0.8.7)
    rspec (2.4.0)
      rspec-core (~> 2.4.0)
      rspec-expectations (~> 2.4.0)
      rspec-mocks (~> 2.4.0)
    rspec-core (2.4.0)
    rspec-expectations (2.4.0)
      diff-lcs (~> 1.1.2)
    rspec-mocks (2.4.0)
    rspec-rails (2.4.1)
      actionpack (~> 3.0)
      activesupport (~> 3.0)
      railties (~> 3.0)
      rspec (~> 2.4.0)
    rubyzip (0.9.4)
    selenium-webdriver (0.1.1)
      childprocess (= 0.1.4)
      ffi (~> 0.6.3)
      json_pure
      rubyzip
    shoulda-matchers (1.0.0.beta1)
    simple_form (1.3.0)
      rails (~> 3.0.0)
    sqlite3-ruby (1.3.2)
    tabletastic (0.2.1)
      activesupport (~> 3.0.0)
    therubyracer (0.8.0)
    thor (0.14.6)
    treetop (1.4.9)
      polyglot (>= 0.3.1)
    tzinfo (0.3.23)
    validates_date_time (1.0.0)
    validation_reflection (1.0.0)
    warden (1.0.2)
      rack (>= 1.0.0)
    will_paginate (3.0.pre2)
    xapian-full (1.1.3.4)
    xapit (0.2.7)
    xpath (0.1.2)
      nokogiri (~> 1.3)

PLATFORMS
  ruby

DEPENDENCIES
  RedCloth
  acts-as-taggable-on
  barista
  capybara
  compass
  devise
  differ
  display_name
  dragonfly
  factory_girl_rails
  faker
  haml
  inploy
  meta_search
  meta_where
  mocha
  mongrel (>= 1.2.0.pre2)
  mysql2
  rack-cache
  rails (= 3.0.3)
  rails3-generators
  rspec-rails
  shoulda-matchers
  simple_form (>= 1.3)
  sqlite3-ruby
  tabletastic
  therubyracer
  validates_date_time
  validation_reflection
  vestal_versions!
  will_paginate (>= 3.0.pre)
  xapian-full
  xapit
