GIT
  remote: git://github.com/plataformatec/simple_form.git
  revision: 014f388
  specs:
    simple_form (1.2.2)

GEM
  remote: http://rubygems.org/
  specs:
    RedCloth (4.2.3)
    abstract (1.0.0)
    actionmailer (3.0.0)
      actionpack (= 3.0.0)
      mail (~> 2.2.5)
    actionpack (3.0.0)
      activemodel (= 3.0.0)
      activesupport (= 3.0.0)
      builder (~> 2.1.2)
      erubis (~> 2.6.6)
      i18n (~> 0.4.1)
      rack (~> 1.2.1)
      rack-mount (~> 0.6.12)
      rack-test (~> 0.5.4)
      tzinfo (~> 0.3.23)
    activemodel (3.0.0)
      activesupport (= 3.0.0)
      builder (~> 2.1.2)
      i18n (~> 0.4.1)
    activerecord (3.0.0)
      activemodel (= 3.0.0)
      activesupport (= 3.0.0)
      arel (~> 1.0.0)
      tzinfo (~> 0.3.23)
    activeresource (3.0.0)
      activemodel (= 3.0.0)
      activesupport (= 3.0.0)
    activesupport (3.0.0)
    acts-as-taggable-on (2.0.6)
    arel (1.0.1)
      activesupport (~> 3.0.0)
    bcrypt-ruby (2.1.2)
    builder (2.1.2)
    capybara (0.3.9)
      culerity (>= 0.2.4)
      mime-types (>= 1.16)
      nokogiri (>= 1.3.3)
      rack (>= 1.0.0)
      rack-test (>= 0.5.4)
      selenium-webdriver (>= 0.0.3)
    compass (0.10.5)
      haml (>= 3.0.4)
    culerity (0.2.12)
    devise (1.1.2)
      bcrypt-ruby (~> 2.1.2)
      warden (~> 0.10.7)
    display_name (0.1.1)
    erubis (2.6.6)
      abstract (>= 1.0.0)
    factory_girl (1.3.2)
    factory_girl_rails (1.0)
      factory_girl (~> 1.3)
      rails (>= 3.0.0.beta4)
    ffi (0.6.3)
      rake (>= 0.8.7)
    forgery (0.3.4)
    haml (3.0.18)
    i18n (0.4.1)
    json_pure (1.4.6)
    mail (2.2.5)
      activesupport (>= 2.3.6)
      mime-types
      treetop (>= 1.4.5)
    meta_search (0.9.2)
      actionpack (~> 3.0.0.rc2)
      activerecord (~> 3.0.0.rc2)
      activesupport (~> 3.0.0.rc2)
      arel (~> 1.0.0.rc1)
    meta_where (0.9.2)
      activerecord (~> 3.0.0.rc2)
      activesupport (~> 3.0.0.rc2)
      arel (~> 1.0.0.rc1)
    mime-types (1.16)
    mocha (0.9.8)
      rake
    nokogiri (1.4.3.1)
    paperclip (2.3.3)
      activerecord
      activesupport
    polyglot (0.3.1)
    rack (1.2.1)
    rack-mount (0.6.13)
      rack (>= 1.0.0)
    rack-test (0.5.4)
      rack (>= 1.0)
    rails (3.0.0)
      actionmailer (= 3.0.0)
      actionpack (= 3.0.0)
      activerecord (= 3.0.0)
      activeresource (= 3.0.0)
      activesupport (= 3.0.0)
      bundler (~> 1.0.0)
      railties (= 3.0.0)
    rails3-generators (0.13.0)
    railties (3.0.0)
      actionpack (= 3.0.0)
      activesupport (= 3.0.0)
      rake (>= 0.8.4)
      thor (~> 0.14.0)
    rake (0.8.7)
    rubyzip (0.9.4)
    selenium-webdriver (0.0.28)
      ffi (>= 0.6.1)
      json_pure
      rubyzip
    shoulda (2.11.3)
    sqlite3-ruby (1.3.1)
    tabletastic (0.2.0.pre5)
      activesupport (>= 3.0.0.rc)
    thor (0.14.0)
    treetop (1.4.8)
      polyglot (>= 0.3.1)
    tzinfo (0.3.23)
    validates_date_time (1.0.0)
    validation_reflection (0.3.8)
    warden (0.10.7)
      rack (>= 1.0.0)
    will_paginate (3.0.pre2)
    xapian-full (1.1.3.4)
    xapit (0.2.7)

PLATFORMS
  ruby

DEPENDENCIES
  RedCloth
  acts-as-taggable-on
  capybara
  compass
  devise
  display_name
  factory_girl_rails
  forgery
  haml
  meta_search
  meta_where
  mocha
  paperclip
  rails (= 3.0.0)
  rails3-generators
  shoulda
  simple_form!
  sqlite3-ruby
  tabletastic (>= 0.2.0pre4)
  validates_date_time
  validation_reflection
  will_paginate (>= 3.0.pre)
  xapian-full
  xapit
