GIT
  remote: git://github.com/javierv/vestal_versions
  revision: 1fa035e4fdc65bcdc7b3e91c9d93b1ed60b42e26
  branch: rails3.1
  specs:
    vestal_versions (1.3.0)
      activerecord (>= 3.1)
      activesupport (>= 3.1)

GEM
  remote: http://rubygems.org/
  specs:
    RedCloth (4.2.9)
    actionmailer (3.1.8)
      actionpack (= 3.1.8)
      mail (~> 2.3.3)
    actionpack (3.1.8)
      activemodel (= 3.1.8)
      activesupport (= 3.1.8)
      builder (~> 3.0.0)
      erubis (~> 2.7.0)
      i18n (~> 0.6)
      rack (~> 1.3.6)
      rack-cache (~> 1.2)
      rack-mount (~> 0.8.2)
      rack-test (~> 0.6.1)
      sprockets (~> 2.0.4)
    activemodel (3.1.8)
      activesupport (= 3.1.8)
      builder (~> 3.0.0)
      i18n (~> 0.6)
    activerecord (3.1.8)
      activemodel (= 3.1.8)
      activesupport (= 3.1.8)
      arel (~> 2.2.3)
      tzinfo (~> 0.3.29)
    activeresource (3.1.8)
      activemodel (= 3.1.8)
      activesupport (= 3.1.8)
    activesupport (3.1.8)
      multi_json (>= 1.0, < 1.3)
    acts-as-taggable-on (2.1.1)
      rails
    addressable (2.2.6)
    arel (2.2.3)
    babosa (0.3.6)
    bcrypt-ruby (3.0.1)
    builder (3.0.4)
    capybara (1.1.2)
      mime-types (>= 1.16)
      nokogiri (>= 1.3.3)
      rack (>= 1.0.0)
      rack-test (>= 0.5.4)
      selenium-webdriver (~> 2.0)
      xpath (~> 0.1.4)
    cells (3.8.2)
      actionpack (~> 3.0)
      railties (~> 3.0)
    childprocess (0.3.1)
      ffi (~> 1.0.6)
    chronic (0.6.5)
    chunky_png (1.2.5)
    coderay (1.0.8)
    coffee-rails (3.1.1)
      coffee-script (>= 2.2.0)
      railties (~> 3.1.0)
    coffee-script (2.2.0)
      coffee-script-source
      execjs
    coffee-script-source (1.1.3)
    compass (0.12.alpha.0)
      chunky_png (~> 1.2)
      fssm (>= 0.2.7)
      sass (~> 3.1)
    daemons (1.1.4)
    decent_exposure (1.0.1)
    devise (1.4.9)
      bcrypt-ruby (~> 3.0)
      orm_adapter (~> 0.0.3)
      warden (~> 1.0.3)
    diff-lcs (1.1.3)
    differ (0.1.2)
    display_name (0.1.1)
    dragonfly (0.9.8)
      rack
    draper (0.10.0)
      activesupport (>= 2.3.10)
    erubis (2.7.0)
    eventmachine (0.12.10)
    execjs (1.2.9)
      multi_json (~> 1.0)
    factory_girl (2.2.0)
      activesupport
    factory_girl_rails (1.3.0)
      factory_girl (~> 2.2.0)
      railties (>= 3.0.0)
    faker (1.0.1)
      i18n (~> 0.4)
    ffi (1.0.11)
    foreman (0.26.0)
      term-ansicolor (~> 1.0.5)
      thor (>= 0.13.6)
    friendly_id (3.3.1)
      babosa (~> 0.3.0)
    fssm (0.2.7)
    goalie (0.0.4)
      actionpack (>= 3.0.0)
      activesupport (>= 3.0.0)
    haml (3.1.3)
    hike (1.2.1)
    hirb (0.5.0)
    i18n (0.6.1)
    i18n-inflector (2.6.3)
      i18n (>= 0.4.1)
    i18n-inflector-rails (1.0.6)
      actionpack (~> 3.0)
      i18n-inflector (~> 2.6)
      railties (~> 3.0)
    inploy (1.9.4)
    jasmine (1.1.2)
      jasmine-core (>= 1.1.0)
      rack (>= 1.1)
      rspec (>= 1.3.1)
      selenium-webdriver (>= 0.1.3)
    jasmine-core (1.1.0)
    jasminerice (0.0.8)
      haml
    jquery-rails (1.0.16)
      railties (~> 3.0)
      thor (~> 0.14)
    json (1.7.5)
    json_pure (1.6.5)
    kaminari (0.12.4)
      rails (>= 3.0.0)
    launchy (2.0.5)
      addressable (~> 2.2.6)
    libv8 (3.3.10.2)
    mail (2.3.3)
      i18n (>= 0.4.0)
      mime-types (~> 1.16)
      treetop (~> 1.4.8)
    meta_search (1.1.1)
      actionpack (~> 3.1.0)
      activerecord (~> 3.1.0)
      activesupport (~> 3.1.0)
      polyamorous (~> 0.5.0)
    metaclass (0.0.1)
    method_source (0.8.1)
    mime-types (1.19)
    mocha (0.10.0)
      metaclass (~> 0.0.1)
    multi_json (1.0.4)
    mysql2 (0.3.7)
    nokogiri (1.5.0)
    orm_adapter (0.0.5)
    polyamorous (0.5.0)
      activerecord (~> 3.0)
    polyglot (0.3.3)
    pry (0.9.10)
      coderay (~> 1.0.5)
      method_source (~> 0.8)
      slop (~> 3.3.1)
    rack (1.3.6)
    rack-cache (1.2)
      rack (>= 0.4)
    rack-mount (0.8.3)
      rack (>= 1.0.0)
    rack-protection (1.1.4)
      rack
    rack-ssl (1.3.2)
      rack
    rack-test (0.6.2)
      rack (>= 1.0)
    rails (3.1.8)
      actionmailer (= 3.1.8)
      actionpack (= 3.1.8)
      activerecord (= 3.1.8)
      activeresource (= 3.1.8)
      activesupport (= 3.1.8)
      bundler (~> 1.0)
      railties (= 3.1.8)
    rails3-generators (0.17.4)
      railties (>= 3.0.0)
    railties (3.1.8)
      actionpack (= 3.1.8)
      activesupport (= 3.1.8)
      rack-ssl (~> 1.3.2)
      rake (>= 0.8.7)
      rdoc (~> 3.4)
      thor (~> 0.14.6)
    rake (0.9.2.2)
    rdoc (3.12)
      json (~> 1.4)
    redis (2.2.2)
    redis-namespace (1.0.3)
      redis (< 3.0.0)
    responders (0.6.4)
    resque (1.19.0)
      multi_json (~> 1.0)
      redis-namespace (~> 1.0.2)
      sinatra (>= 0.9.2)
      vegas (~> 0.1.2)
    rspec (2.7.0)
      rspec-core (~> 2.7.0)
      rspec-expectations (~> 2.7.0)
      rspec-mocks (~> 2.7.0)
    rspec-cells (0.1.2)
      cells (~> 3.4)
      rails (~> 3.0)
      rspec-rails (~> 2.2)
    rspec-core (2.7.1)
    rspec-expectations (2.7.0)
      diff-lcs (~> 1.1.2)
    rspec-mocks (2.7.0)
    rspec-rails (2.7.0)
      actionpack (~> 3.0)
      activesupport (~> 3.0)
      railties (~> 3.0)
      rspec (~> 2.7.0)
    rubyzip (0.9.5)
    sass (3.1.10)
    sass-rails (3.1.4)
      actionpack (~> 3.1.0)
      railties (~> 3.1.0)
      sass (>= 3.1.4)
      sprockets (~> 2.0.0)
      tilt (~> 1.3.2)
    selenium-webdriver (2.13.0)
      childprocess (>= 0.2.1)
      ffi (~> 1.0.9)
      json_pure
      rubyzip
    shoulda-matchers (1.0.0)
    simple_form (1.5.2)
      actionpack (~> 3.0)
      activemodel (~> 3.0)
    sinatra (1.3.1)
      rack (~> 1.3, >= 1.3.4)
      rack-protection (~> 1.1, >= 1.1.2)
      tilt (~> 1.3, >= 1.3.3)
    slop (3.3.3)
    spectator-validates_email (0.0.8)
      actionpack (>= 3.0.0)
      activemodel (>= 3.0.0)
    sprockets (2.0.4)
      hike (~> 1.2)
      rack (~> 1.0)
      tilt (~> 1.1, != 1.3.0)
    sqlite3 (1.3.4)
    squeel (0.9.3)
      activerecord (~> 3.0)
      activesupport (~> 3.0)
      polyamorous (~> 0.5.0)
    tabletastic (0.2.3)
      activesupport (~> 3.0)
    term-ansicolor (1.0.7)
    therubyracer (0.9.9)
      libv8 (~> 3.3.10)
    thin (1.2.11)
      daemons (>= 1.0.9)
      eventmachine (>= 0.12.6)
      rack (>= 1.0.0)
    thor (0.14.6)
    tilt (1.3.3)
    treetop (1.4.11)
      polyglot
      polyglot (>= 0.3.1)
    tzinfo (0.3.34)
    uglifier (1.0.4)
      execjs (>= 0.3.0)
      multi_json (>= 1.0.2)
    validates_date_time (1.0.0)
    validation_reflection (1.0.0)
    vegas (0.1.8)
      rack (>= 1.0.0)
    warden (1.0.6)
      rack (>= 1.0)
    whenever (0.7.0)
      activesupport (>= 2.3.4)
      chronic (~> 0.6.3)
    xapian-ruby (1.2.7.1)
    xapian_db (1.2.1.1)
      daemons (>= 1.0.10)
      xapian-ruby (>= 1.2.6)
    xpath (0.1.4)
      nokogiri (~> 1.3)
    yajl-ruby (1.0.0)

PLATFORMS
  ruby

DEPENDENCIES
  RedCloth (~> 4.2.9)
  acts-as-taggable-on
  capybara
  cells
  coffee-rails (~> 3.1.0)
  compass (~> 0.12.alpha)
  decent_exposure
  devise
  differ
  display_name
  dragonfly (~> 0.9.8)
  draper
  factory_girl_rails
  faker
  foreman
  friendly_id (~> 3.3.1)
  goalie
  haml (~> 3.1.0)
  hirb
  i18n-inflector-rails
  inploy
  jasmine
  jasminerice
  jquery-rails
  kaminari
  launchy
  meta_search
  mocha
  mysql2 (~> 0.3.0)
  pry
  rails (= 3.1.8)
  rails3-generators
  redis
  responders
  resque
  rspec-cells
  rspec-rails
  sass-rails (~> 3.1.0)
  shoulda-matchers
  simple_form (~> 1.3)
  spectator-validates_email (~> 0.0.8)
  sqlite3 (~> 1.3.4)
  squeel
  tabletastic (~> 0.2.3)
  therubyracer
  thin
  uglifier
  validates_date_time
  validation_reflection
  vestal_versions!
  whenever
  xapian_db (~> 1.2.0)
  yajl-ruby
